GEM
  remote: http://rubygems.org/
  specs:
    addressable (2.2.2)
    faraday (0.5.3)
      addressable (~> 2.2.2)
      multipart-post (~> 1.0.1)
      rack (>= 1.1.0, < 2)
    faraday_middleware (0.3.1)
      faraday (~> 0.5.3)
    hashie (0.4.0)
    multi_json (0.0.5)
    multi_xml (0.2.0)
    multipart-post (1.0.1)
    rack (1.2.1)
    simple_oauth (0.1.3)
    sinatra (1.2.0.a)
      rack (~> 1.1)
      tilt (~> 1.2)
    sinatra-cache (0.3.6)
      sinatra (>= 1.1.0)
      sinatra-outputbuffer (>= 0.1.0)
    sinatra-outputbuffer (0.1.0)
      sinatra (>= 1.0.a)
    tilt (1.2.1)
    twitter (1.0.0)
      faraday (~> 0.5.3)
      faraday_middleware (~> 0.3.0)
      hashie (~> 0.4.0)
      multi_json (~> 0.0.5)
      multi_xml (~> 0.2.0)
      simple_oauth (~> 0.1.2)

PLATFORMS
  ruby

DEPENDENCIES
  sinatra-cache
  twitter
